GEM
  remote: https://rubygems.org/
  specs:
    builder (3.2.4)
    erubis (2.7.0)
    ffi (1.15.5)
    foreman (0.87.2)
    haml (6.1.1)
      temple (>= 0.8.2)
      thor
      tilt
    hpricot (0.8.6)
    json (2.6.3)
    mustermann (3.0.0)
      ruby2_keywords (~> 0.0.1)
    nio4r (2.5.9)
    puma (6.2.2)
      nio4r (~> 2.0)
    rack (2.2.7)
    rack-protection (3.0.6)
      rack
    rack-test (2.1.0)
      rack (>= 1.3)
    rb-fsevent (0.11.2)
    rb-inotify (0.10.1)
      ffi (~> 1.0)
    rouge (4.1.0)
    ruby2_keywords (0.0.5)
    ruby_parser (3.20.0)
      sexp_processor (~> 4.16)
    sass (3.7.4)
      sass-listen (~> 4.0.0)
    sass-listen (4.0.0)
      rb-fsevent (~> 0.9, >= 0.9.4)
      rb-inotify (~> 0.9, >= 0.9.7)
    sexp_processor (4.16.1)
    sinatra (3.0.6)
      mustermann (~> 3.0)
      rack (~> 2.2, >= 2.2.4)
      rack-protection (= 3.0.6)
      tilt (~> 2.0)
    sinatra-redirect-with-flash (0.2.1)
      sinatra (>= 1.0.0)
    temple (0.10.0)
    thor (1.2.1)
    tilt (2.1.0)

PLATFORMS
  arm64-darwin-22

DEPENDENCIES
  builder
  erubis
  foreman
  haml
  hpricot
  json
  puma
  rack-test
  rouge
  ruby_parser
  sass
  sinatra
  sinatra-redirect-with-flash

RUBY VERSION
   ruby 3.2.1p31

BUNDLED WITH
   2.4.8
